NUGET
  remote: https://www.nuget.org/api/v2
    FSharp.Core (4.0.0.1) - redirects: force
GITHUB
  remote: fsharp/FSharp.Data
    src/CommonProviderImplementation/AssemblyResolver.fs (195a0a63f9131ea736ebbbbd313b627cd8745498)
    src/CommonProviderImplementation/ConversionsGenerator.fs (195a0a63f9131ea736ebbbbd313b627cd8745498)
    src/CommonProviderImplementation/Helpers.fs (195a0a63f9131ea736ebbbbd313b627cd8745498)
    src/CommonProviderImplementation/QuotationBuilder.fs (195a0a63f9131ea736ebbbbd313b627cd8745498)
    src/CommonRuntime/Caching.fs (195a0a63f9131ea736ebbbbd313b627cd8745498)
    src/CommonRuntime/IO.fs (195a0a63f9131ea736ebbbbd313b627cd8745498)
    src/CommonRuntime/NameUtils.fs (195a0a63f9131ea736ebbbbd313b627cd8745498)
    src/CommonRuntime/Pluralizer.fs (195a0a63f9131ea736ebbbbd313b627cd8745498)
    src/CommonRuntime/StructuralInference.fs (195a0a63f9131ea736ebbbbd313b627cd8745498)
    src/CommonRuntime/StructuralTypes.fs (195a0a63f9131ea736ebbbbd313b627cd8745498)
    src/CommonRuntime/TextConversions.fs (195a0a63f9131ea736ebbbbd313b627cd8745498)
    src/CommonRuntime/TextRuntime.fs (195a0a63f9131ea736ebbbbd313b627cd8745498)
    src/Json/JsonConversions.fs (195a0a63f9131ea736ebbbbd313b627cd8745498)
    src/Json/JsonConversionsGenerator.fs (195a0a63f9131ea736ebbbbd313b627cd8745498)
    src/Json/JsonExtensions.fs (195a0a63f9131ea736ebbbbd313b627cd8745498)
    src/Json/JsonGenerator.fs (195a0a63f9131ea736ebbbbd313b627cd8745498)
    src/Json/JsonInference.fs (195a0a63f9131ea736ebbbbd313b627cd8745498)
    src/Json/JsonRuntime.fs (195a0a63f9131ea736ebbbbd313b627cd8745498)
    src/Json/JsonValue.fs (195a0a63f9131ea736ebbbbd313b627cd8745498)
    src/Net/Http.fs (195a0a63f9131ea736ebbbbd313b627cd8745498)
    src/Net/UriUtils.fs (195a0a63f9131ea736ebbbbd313b627cd8745498)
    src/Xml/XmlGenerator.fs (195a0a63f9131ea736ebbbbd313b627cd8745498)
    src/Xml/XmlInference.fs (195a0a63f9131ea736ebbbbd313b627cd8745498)
    src/Xml/XmlRuntime.fs (195a0a63f9131ea736ebbbbd313b627cd8745498)
  remote: fsprojects/FSharp.TypeProviders.StarterPack
    src/AssemblyReader.fs (8f647a4cde71bdeda10e7f5b534ec3c879601570)
    src/AssemblyReaderReflection.fs (8f647a4cde71bdeda10e7f5b534ec3c879601570)
    src/ProvidedTypes.fs (8f647a4cde71bdeda10e7f5b534ec3c879601570)
    src/ProvidedTypes.fsi (8f647a4cde71bdeda10e7f5b534ec3c879601570)
    src/ProvidedTypesContext.fs (8f647a4cde71bdeda10e7f5b534ec3c879601570)
    src/ProvidedTypesTesting.fs (8f647a4cde71bdeda10e7f5b534ec3c879601570)
GROUP Build
NUGET
  remote: https://www.nuget.org/api/v2
    FAKE (4.36)
    FSharp.Compiler.Service (2.0.0.6)
    FSharp.Formatting (2.14.4)
      FSharp.Compiler.Service (2.0.0.6)
      FSharpVSPowerTools.Core (>= 2.3 < 2.4)
    FSharpVSPowerTools.Core (2.3)
      FSharp.Compiler.Service (>= 2.0.0.3)
    Microsoft.Bcl (1.1.10) - framework: net10, net11, net20, net30, net35, net40, net40-full
      Microsoft.Bcl.Build (>= 1.0.14)
    Microsoft.Bcl.Build (1.0.21) - import_targets: false, framework: net10, net11, net20, net30, net35, net40, net40-full
    Microsoft.Net.Http (2.2.29) - framework: net10, net11, net20, net30, net35, net40, net40-full
      Microsoft.Bcl (>= 1.1.10)
      Microsoft.Bcl.Build (>= 1.0.14)
    Octokit (0.21.1)
      Microsoft.Net.Http  - framework: net10, net11, net20, net30, net35, net40, net40-full
    SourceLink.Fake (1.1)
GITHUB
  remote: fsharp/FAKE
    modules/Octokit/Octokit.fsx (8fd20ae42c996060bc8bedb821edfb50517cdd8b)
      Octokit (>= 0.20)
GROUP Test
NUGET
  remote: https://www.nuget.org/api/v2
    FSharp.Core (4.0.0.1)
    FsUnit (1.4.1)
      FSharp.Core (>= 3.1.2.5)
      NUnit (2.6.4)
    NUnit (2.6.4)
    NUnit.Runners (2.6.4)
